GEM
  remote: https://rubygems.org/
  specs:
    connection_pool (2.2.5)
    json (2.3.0)
    multi_json (1.14.1)
    mustermann (1.1.1)
      ruby2_keywords (~> 0.0.1)
    rack (2.2.3)
    rack-protection (2.0.8.1)
      rack
    rake (13.0.1)
    redis (4.4.0)
    ruby2_keywords (0.0.2)
    shotgun (0.9.2)
      rack (>= 1.0)
    sidekiq (6.2.1)
      connection_pool (>= 2.2.2)
      rack (~> 2.0)
      redis (>= 4.2.0)
    sinatra (2.0.8.1)
      mustermann (~> 1.0)
      rack (~> 2.0)
      rack-protection (= 2.0.8.1)
      tilt (~> 2.0)
    streamio-ffmpeg (3.0.2)
      multi_json (~> 1.8)
    tilt (2.0.10)

PLATFORMS
  ruby

DEPENDENCIES
  json
  rake
  shotgun
  sidekiq
  sinatra
  streamio-ffmpeg

BUNDLED WITH
   2.1.4
